GEM
  remote: http://rubygems.org/
  specs:
    builder (3.1.4)
    colored (1.2)
    cri (2.3.0)
      colored (>= 1.2)
    highline (1.6.15)
    kramdown (0.14.2)
    nanoc (3.5.0)
      cri (~> 2.2)
    nokogiri (1.5.6)
    posix-spawn (0.3.6)
    pygments.rb (0.3.7)
      posix-spawn (~> 0.3.6)
      yajl-ruby (~> 1.1.0)
    stringex (1.5.1)
    yajl-ruby (1.1.0)

PLATFORMS
  ruby

DEPENDENCIES
  builder
  highline
  kramdown
  nanoc
  nokogiri
  pygments.rb
  stringex
